GEM
  remote: https://rubygems.org/
  specs:
    coderay (1.1.3)
    json (2.7.2)
    method_source (1.0.0)
    net-http (0.4.1)
      uri
    nokogiri (1.16.3-aarch64-linux)
      racc (~> 1.4)
    nokogiri (1.16.3-arm-linux)
      racc (~> 1.4)
    nokogiri (1.16.3-arm64-darwin)
      racc (~> 1.4)
    nokogiri (1.16.3-x86-linux)
      racc (~> 1.4)
    nokogiri (1.16.3-x86_64-darwin)
      racc (~> 1.4)
    nokogiri (1.16.3-x86_64-linux)
      racc (~> 1.4)
    pry (0.14.2)
      coderay (~> 1.1)
      method_source (~> 1.0)
    racc (1.7.3)
    terminal-table (3.0.2)
      unicode-display_width (>= 1.1.1, < 3)
    unicode-display_width (2.5.0)
    uri (0.13.0)

PLATFORMS
  aarch64-linux
  arm-linux
  arm64-darwin
  x86-linux
  x86_64-darwin
  x86_64-linux

DEPENDENCIES
  json
  net-http
  nokogiri
  pry
  terminal-table

BUNDLED WITH
   2.5.3
